PATH
  remote: .
  specs:
    bitkassa (0.0.0)

GEM
  remote: https://rubygems.org/
  specs:

PLATFORMS
  ruby

DEPENDENCIES
  bitkassa!
