PATH
  remote: .
  specs:
    bitkassa (0.0.0)

GEM
  remote: https://rubygems.org/
  specs:
    minitest (5.8.0)
    rake (10.4.2)

PLATFORMS
  ruby

DEPENDENCIES
  bitkassa!
  minitest
  rake
